GIT
  remote: https://github.com/f1sales/f1sales_helpers.git
  revision: 3c3f8eb9679b4e6296f8929fb8a20813936b8205
  branch: master
  specs:
    f1sales_helpers (0.1.0)

GIT
  remote: https://github.com/marciok/f1sales_custom-hooks.git
  revision: 6e00712d0fdaf083ea4dab8b621c247dd7dd1142
  branch: master
  specs:
    f1sales_custom-hooks (0.1.2)

PATH
  remote: .
  specs:
    simmons (0.2.4)

GEM
  remote: https://rubygems.org/
  specs:
    diff-lcs (1.4.4)
    rake (13.0.6)
    rspec (3.10.0)
      rspec-core (~> 3.10.0)
      rspec-expectations (~> 3.10.0)
      rspec-mocks (~> 3.10.0)
    rspec-core (3.10.1)
      rspec-support (~> 3.10.0)
    rspec-expectations (3.10.1)
      diff-lcs (>= 1.2.0, < 2.0)
      rspec-support (~> 3.10.0)
    rspec-mocks (3.10.2)
      diff-lcs (>= 1.2.0, < 2.0)
      rspec-support (~> 3.10.0)
    rspec-support (3.10.2)

PLATFORMS
  x86_64-linux

DEPENDENCIES
  f1sales_custom-hooks!
  f1sales_helpers!
  rake (~> 13.0)
  rspec (~> 3.0)
  simmons!

BUNDLED WITH
   2.2.15
